GEM
  remote: https://rubygems.org/
  specs:
    dotenv (2.7.5)
    jwt (2.2.1)

PLATFORMS
  ruby

DEPENDENCIES
  dotenv
  jwt

BUNDLED WITH
   1.16.2
