GEM
  remote: https://rubygems.org/
  specs:
    dotenv (2.7.5)

PLATFORMS
  ruby

DEPENDENCIES
  dotenv

BUNDLED WITH
   1.16.2
